GEM
  remote: https://rubygems.org/
  specs:
    json (1.8.3)
    mail (2.6.3)
      mime-types (>= 1.16, < 3)
    mime-types (2.6.2)
    puma (2.14.0)
    rack (1.6.4)
    rack-cache (1.2)
      rack (>= 0.4)
    trenni (1.4.1)
    utopia (1.1.1)
      mail (~> 2.6.1)
      mime-types (~> 2.0)
      rack (~> 1.6)
      rack-cache (~> 1.2.0)
      trenni (~> 1.4.1)
    utopia-tags-google-analytics (1.0.1)
      json
      utopia (~> 1.0)

PLATFORMS
  ruby

DEPENDENCIES
  puma
  utopia (~> 1.1.1)
  utopia-tags-google-analytics (~> 1.0)
